GEM
  remote: https://rubygems.org/
  specs:
    ruby2d (0.12.1)

PLATFORMS
  arm64-darwin-21
  arm64-darwin-23

DEPENDENCIES
  ruby2d (= 0.12.1)

RUBY VERSION
   ruby 3.2.4p170

BUNDLED WITH
   2.5.5
